ObjectType = Image
NDims = 3
BinaryData = True
BinaryDataByteOrderMSB = False
CompressedData = False
TransformMatrix = 1 0 0 0 1 0 0 0 1
Offset = -311.56 -312.60000000000002 223.86000000000001
CenterOfRotation = 0 0 0
AnatomicalOrientation = RAI
ElementSpacing = 5 5 5
DimSize = 126 126 373
ElementType = MET_FLOAT
ElementDataFile = 385_NM_5mm.raw
